GIT
  remote: git://github.com/marbemac/ken.git
  revision: c613463527a9717d272b92ccb55af6ab0bfd33ff
  specs:
    ken (0.2.1)
      addressable
      extlib
      json

GEM
  remote: http://rubygems.org/
  specs:
    actionmailer (3.2.13.rc2)
      actionpack (= 3.2.13.rc2)
      mail (~> 2.5.3)
    actionpack (3.2.13.rc2)
      activemodel (= 3.2.13.rc2)
      activesupport (= 3.2.13.rc2)
      builder (~> 3.0.0)
      erubis (~> 2.7.0)
      journey (~> 1.0.4)
      rack (~> 1.4.5)
      rack-cache (~> 1.2)
      rack-test (~> 0.6.1)
      sprockets (~> 2.2.1)
    activemodel (3.2.13.rc2)
      activesupport (= 3.2.13.rc2)
      builder (~> 3.0.0)
    activerecord (3.2.13.rc2)
      activemodel (= 3.2.13.rc2)
      activesupport (= 3.2.13.rc2)
      arel (~> 3.0.2)
      tzinfo (~> 0.3.29)
    activeresource (3.2.13.rc2)
      activemodel (= 3.2.13.rc2)
      activesupport (= 3.2.13.rc2)
    activesupport (3.2.13.rc2)
      i18n (= 0.6.1)
      multi_json (~> 1.0)
    addressable (2.3.3)
    anjlab-bootstrap-rails (2.0.4.4)
      railties (>= 3.0)
      sass
    arel (3.0.2)
    aws-s3 (0.6.3)
      builder
      mime-types
      xml-simple
    aws_cf_signer (0.1.1)
    backbone-on-rails (0.9.2.1)
      eco (~> 1.0.0)
      ejs (~> 1.0.0)
      jquery-rails
      railties (>= 3.1)
    bcrypt-ruby (3.0.1)
    bson (1.8.3)
    bson_ext (1.8.3)
      bson (~> 1.8.3)
    builder (3.0.4)
    cancan (1.6.9)
    capistrano (2.14.2)
      highline
      net-scp (>= 1.0.0)
      net-sftp (>= 2.0.0)
      net-ssh (>= 2.0.14)
      net-ssh-gateway (>= 1.1.0)
    celluloid (0.12.4)
      facter (>= 1.6.12)
      timers (>= 1.0.0)
    chronic (0.9.1)
    chunky_png (1.2.7)
    closure-compiler (1.1.8)
    cloudinary (1.0.46)
      aws_cf_signer
      rest-client
    coderay (1.0.9)
    coffee-rails (3.2.2)
      coffee-script (>= 2.2.0)
      railties (~> 3.2.0)
    coffee-script (2.2.0)
      coffee-script-source
      execjs
    coffee-script-source (1.6.1)
    compass (0.12.2)
      chunky_png (~> 1.2)
      fssm (>= 0.2.7)
      sass (~> 3.1)
    compass-rails (1.0.3)
      compass (>= 0.12.2, < 0.14)
    connection_pool (1.0.0)
    cookiejar (0.3.0)
    curb (0.7.18)
    daemons (1.1.9)
    dalli (2.6.2)
    devise (2.2.3)
      bcrypt-ruby (~> 3.0)
      orm_adapter (~> 0.1)
      railties (~> 3.1)
      warden (~> 1.2.1)
    eco (1.0.0)
      coffee-script
      eco-source
      execjs
    eco-source (1.1.0.rc.1)
    ejs (1.0.0)
    em-http-request (1.0.3)
      addressable (>= 2.2.3)
      cookiejar
      em-socksify
      eventmachine (>= 1.0.0.beta.4)
      http_parser.rb (>= 0.5.3)
    em-socksify (0.2.1)
      eventmachine (>= 1.0.0.beta.4)
    em-twitter (0.2.1)
      eventmachine (~> 1.0)
      http_parser.rb (~> 0.5)
      simple_oauth (~> 0.1)
    erubis (2.7.0)
    escape (0.0.4)
    eventmachine (1.0.3)
    execjs (1.4.0)
      multi_json (~> 1.0)
    extlib (0.9.16)
    facter (1.6.18)
    faraday (0.8.6)
      multipart-post (~> 1.1)
    feedzirra (0.0.31)
      activesupport (>= 3.0.8)
      builder (~> 3.0.0)
      curb (~> 0.7.15)
      i18n (>= 0.5.0)
      loofah (~> 1.0.0)
      nokogiri (~> 1.4.4)
      rake (>= 0.9.2)
      rdoc (~> 3.8)
      sax-machine (~> 0.0.20)
    foreman (0.62.0)
      thor (>= 0.13.6)
    fssm (0.2.10)
    hashie (1.2.0)
    highline (1.6.15)
    hike (1.2.1)
    hpricot (0.8.6)
    http_parser.rb (0.5.3)
    httparty (0.10.2)
      multi_json (~> 1.0)
      multi_xml (>= 0.5.2)
    httpauth (0.2.0)
    i18n (0.6.1)
    journey (1.0.4)
    jquery-rails (2.0.3)
      railties (>= 3.1.0, < 5.0)
      thor (~> 0.14)
    json (1.7.7)
    jwt (0.1.7)
      multi_json (>= 1.5)
    koala (1.5.0)
      faraday (~> 0.7)
      multi_json (~> 1.3)
    loofah (1.0.0)
      nokogiri (>= 1.3.3)
    mail (2.5.3)
      i18n (>= 0.4.0)
      mime-types (~> 1.16)
      treetop (~> 1.4.8)
    method_source (0.8.1)
    mime-types (1.21)
    mixpanel (3.5.2)
      escape
      json
      rack
    mongoid (3.0.23)
      activemodel (~> 3.1)
      moped (~> 1.2)
      origin (~> 1.0)
      tzinfo (~> 0.3.22)
    mongoid-cached-json (1.5.0)
      activesupport
      hpricot
      mongoid
    moped (1.4.3)
    multi_json (1.6.1)
    multi_xml (0.5.3)
    multipart-post (1.2.0)
    neography (0.0.27)
      httparty (>= 0.8.1)
      json
      oj
      os
      rake (>= 0.8.7)
      rubyzip
    net-scp (1.1.0)
      net-ssh (>= 2.6.5)
    net-sftp (2.1.1)
      net-ssh (>= 2.6.5)
    net-ssh (2.6.6)
    net-ssh-gateway (1.2.0)
      net-ssh (>= 2.6.5)
    nokogiri (1.4.7)
    oauth (0.4.7)
    oauth2 (0.8.1)
      faraday (~> 0.8)
      httpauth (~> 0.1)
      jwt (~> 0.1.4)
      multi_json (~> 1.0)
      rack (~> 1.2)
    oj (2.0.10)
    omniauth (1.1.3)
      hashie (~> 1.2)
      rack
    omniauth-facebook (1.4.1)
      omniauth-oauth2 (~> 1.1.0)
    omniauth-oauth (1.0.1)
      oauth
      omniauth (~> 1.0)
    omniauth-oauth2 (1.1.1)
      oauth2 (~> 0.8.0)
      omniauth (~> 1.0)
    omniauth-twitter (0.0.14)
      multi_json (~> 1.3)
      omniauth-oauth (~> 1.0)
    omnicontacts (0.2.4)
      json
      rack
    origin (1.0.11)
    orm_adapter (0.4.0)
    os (0.9.6)
    polyglot (0.3.3)
    pry (0.9.12)
      coderay (~> 1.0.5)
      method_source (~> 0.8)
      slop (~> 3.4)
    pry-rails (0.2.2)
      pry (>= 0.9.10)
    pusher (0.11.3)
      multi_json (~> 1.0)
      signature (~> 0.1.6)
    rack (1.4.5)
    rack-cache (1.2)
      rack (>= 0.4)
    rack-contrib (1.1.0)
      rack (>= 0.9.1)
    rack-protection (1.5.0)
      rack
    rack-ssl (1.3.3)
      rack
    rack-test (0.6.2)
      rack (>= 1.0)
    rack-timeout (0.0.3)
    rails (3.2.13.rc2)
      actionmailer (= 3.2.13.rc2)
      actionpack (= 3.2.13.rc2)
      activerecord (= 3.2.13.rc2)
      activeresource (= 3.2.13.rc2)
      activesupport (= 3.2.13.rc2)
      bundler (~> 1.0)
      railties (= 3.2.13.rc2)
    railties (3.2.13.rc2)
      actionpack (= 3.2.13.rc2)
      activesupport (= 3.2.13.rc2)
      rack-ssl (~> 1.3.2)
      rake (>= 0.8.7)
      rdoc (~> 3.4)
      thor (>= 0.14.6, < 2.0)
    rake (10.0.3)
    rdoc (3.12.2)
      json (~> 1.4)
    redis (3.0.3)
    redis-namespace (1.2.1)
      redis (~> 3.0.0)
    rest-client (1.6.7)
      mime-types (>= 1.16)
    rmagick (2.13.2)
    ruby-prof (0.13.0)
    rubyzip (0.9.9)
    rvm-capistrano (1.2.7)
      capistrano (>= 2.0.0)
    sass (3.2.7)
    sass-rails (3.2.6)
      railties (~> 3.2.0)
      sass (>= 3.1.10)
      tilt (~> 1.3)
    sax-machine (0.0.20)
      nokogiri (> 0.0.0)
    sidekiq (2.8.0)
      celluloid (~> 0.12.0)
      connection_pool (~> 1.0)
      multi_json (~> 1)
      redis (~> 3)
      redis-namespace
    sidekiq-unique-jobs (2.6.5)
      sidekiq (~> 2.6)
    signature (0.1.6)
    simple_oauth (0.2.0)
    sinatra (1.3.5)
      rack (~> 1.4)
      rack-protection (~> 1.3)
      tilt (~> 1.3, >= 1.3.3)
    slim (1.3.6)
      temple (~> 0.5.5)
      tilt (~> 1.3.3)
    slop (3.4.4)
    soulmate (1.0.0)
      multi_json (>= 1.0)
      redis (>= 2.0)
      sinatra (>= 1.0)
      vegas (>= 0.1.0)
    sprockets (2.2.2)
      hike (~> 1.2)
      multi_json (~> 1.0)
      rack (~> 1.0)
      tilt (~> 1.1, != 1.3.0)
    switch_user (0.9.1)
    temple (0.5.5)
    thin (1.5.0)
      daemons (>= 1.0.9)
      eventmachine (>= 0.12.6)
      rack (>= 1.0.0)
    thor (0.17.0)
    tilt (1.3.5)
    timers (1.1.0)
    treetop (1.4.12)
      polyglot
      polyglot (>= 0.3.1)
    tweetstream (2.4.0)
      daemons (~> 1.1)
      em-http-request (~> 1.0.2)
      em-twitter (~> 0.2)
      twitter (~> 4.0)
      yajl-ruby (~> 1.1)
    twitter (4.6.0)
      faraday (~> 0.8, < 0.10)
      multi_json (~> 1.0)
      simple_oauth (~> 0.2)
    tzinfo (0.3.37)
    vegas (0.1.11)
      rack (>= 1.0.0)
    warden (1.2.1)
      rack (>= 1.0)
    xml-simple (1.1.2)
    yajl-ruby (1.1.0)

PLATFORMS
  ruby

DEPENDENCIES
  anjlab-bootstrap-rails (= 2.0.4.4)
  aws-s3
  backbone-on-rails (= 0.9.2.1)
  bson_ext
  cancan
  capistrano
  chronic
  closure-compiler
  cloudinary
  coffee-rails (~> 3.2.1)
  compass-rails
  dalli
  devise
  feedzirra
  foreman
  jquery-rails (~> 2.0.2)
  ken!
  koala (= 1.5)
  mixpanel
  mongoid (~> 3.0.1)
  mongoid-cached-json
  neography (= 0.0.27)
  omniauth-facebook
  omniauth-twitter
  omnicontacts
  pry-rails
  pusher
  rack
  rack-contrib
  rack-timeout
  rails (~> 3.2.13.rc2)
  redis
  rmagick
  ruby-prof
  rvm-capistrano
  sass-rails (~> 3.2.3)
  sidekiq
  sidekiq-unique-jobs
  sinatra
  slim
  soulmate (= 1.0.0)
  switch_user
  thin
  tweetstream
  twitter
  yajl-ruby
